PATH
  remote: .
  specs:
    govuk-docker (0.0.1)
      colorize
      thor

GEM
  remote: https://rubygems.org/
  specs:
    ast (2.4.0)
    climate_control (0.2.0)
    coderay (1.1.2)
    colorize (0.8.1)
    diff-lcs (1.3)
    ffi (1.11.1)
    govuk-lint (3.11.4)
      rubocop (~> 0.72)
      rubocop-rails (~> 2)
      rubocop-rspec (~> 1.28)
      scss_lint
    jaro_winkler (1.5.3)
    method_source (0.9.2)
    parallel (1.17.0)
    parser (2.6.3.0)
      ast (~> 2.4.0)
    pry (0.12.2)
      coderay (~> 1.1.0)
      method_source (~> 0.9.0)
    rack (2.0.7)
    rainbow (3.0.0)
    rake (12.3.2)
    rb-fsevent (0.10.3)
    rb-inotify (0.10.0)
      ffi (~> 1.0)
    rspec (3.8.0)
      rspec-core (~> 3.8.0)
      rspec-expectations (~> 3.8.0)
      rspec-mocks (~> 3.8.0)
    rspec-core (3.8.0)
      rspec-support (~> 3.8.0)
    rspec-expectations (3.8.2)
      diff-lcs (>= 1.2.0, < 2.0)
      rspec-support (~> 3.8.0)
    rspec-mocks (3.8.0)
      diff-lcs (>= 1.2.0, < 2.0)
      rspec-support (~> 3.8.0)
    rspec-support (3.8.0)
    rubocop (0.72.0)
      jaro_winkler (~> 1.5.1)
      parallel (~> 1.10)
      parser (>= 2.6)
      rainbow (>= 2.2.2, < 4.0)
      ruby-progressbar (~> 1.7)
      unicode-display_width (>= 1.4.0, < 1.7)
    rubocop-rails (2.1.0)
      rack (>= 1.1)
      rubocop (>= 0.72.0)
    rubocop-rspec (1.33.0)
      rubocop (>= 0.60.0)
    ruby-progressbar (1.10.1)
    sass (3.7.4)
      sass-listen (~> 4.0.0)
    sass-listen (4.0.0)
      rb-fsevent (~> 0.9, >= 0.9.4)
      rb-inotify (~> 0.9, >= 0.9.7)
    scss_lint (0.58.0)
      rake (>= 0.9, < 13)
      sass (~> 3.5, >= 3.5.5)
    thor (0.20.3)
    unicode-display_width (1.6.0)

PLATFORMS
  ruby

DEPENDENCIES
  climate_control
  govuk-docker!
  govuk-lint
  pry
  rspec

BUNDLED WITH
   1.17.2
